GEM
  remote: https://rubygems.org/
  specs:
    builder (3.2.3)
    childprocess (0.8.0)
      ffi (~> 1.0, >= 1.0.11)
    cucumber (2.4.0)
      builder (>= 2.1.2)
      cucumber-core (~> 1.5.0)
      cucumber-wire (~> 0.0.1)
      diff-lcs (>= 1.1.3)
      gherkin (~> 4.0)
      multi_json (>= 1.7.5, < 2.0)
      multi_test (>= 0.1.2)
    cucumber-core (1.5.0)
      gherkin (~> 4.0)
    cucumber-wire (0.0.1)
    diff-lcs (1.3)
    docile (1.1.5)
    ffi (1.9.23)
    gherkin (4.1.3)
    json (2.1.0)
    minitest (5.8.4)
    multi_json (1.13.1)
    multi_test (0.1.2)
    rubyzip (1.2.1)
    selenium-webdriver (3.0.1)
      childprocess (~> 0.5)
      rubyzip (~> 1.0)
      websocket (~> 1.0)
    simplecov (0.15.0)
      docile (~> 1.1.0)
      json (>= 1.8, < 3)
      simplecov-html (~> 0.10.0)
    simplecov-html (0.10.2)
    websocket (1.2.5)

PLATFORMS
  ruby

DEPENDENCIES
  cucumber (= 2.4.0)
  minitest (= 5.8.4)
  selenium-webdriver (= 3.0.1)
  simplecov (= 0.15.0)

BUNDLED WITH
   1.15.4
